GEM
  remote: https://rubygems.org/
  specs:
    chronic (0.10.2)
    colorize (0.7.7)

PLATFORMS
  ruby

DEPENDENCIES
  chronic (>= 0.10.2)
  colorize (>= 0.7.7)

BUNDLED WITH
   1.11.2
